PATH
  remote: .
  specs:
    vistual_call (0.1.0)

GEM
  remote: https://rubygems.org/
  specs:
    rake (13.0.6)

PLATFORMS
  arm64-darwin-21

DEPENDENCIES
  rake (~> 13.0)
  vistual_call!

BUNDLED WITH
   2.4.12
